PATH
  remote: .
  specs:
    vop (0.3.6)
      bcrypt_pbkdf
      byebug
      ed25519
      json (~> 2.3)
      net-scp
      net-ssh
      redis
      sidekiq (~> 6.1.2)
      terminal-table
      vault
      xml-simple

GEM
  remote: https://rubygems.org/
  specs:
    aws-eventstream (1.1.1)
    aws-sigv4 (1.2.4)
      aws-eventstream (~> 1, >= 1.0.2)
    bcrypt_pbkdf (1.1.0)
    byebug (11.1.3)
    connection_pool (2.2.5)
    diff-lcs (1.4.4)
    docile (1.3.2)
    ed25519 (1.2.4)
    json (2.5.1)
    net-scp (3.0.0)
      net-ssh (>= 2.6.5, < 7.0.0)
    net-ssh (6.1.0)
    rack (2.2.6.4)
    redis (4.4.0)
    rspec (3.9.0)
      rspec-core (~> 3.9.0)
      rspec-expectations (~> 3.9.0)
      rspec-mocks (~> 3.9.0)
    rspec-core (3.9.2)
      rspec-support (~> 3.9.3)
    rspec-expectations (3.9.2)
      diff-lcs (>= 1.2.0, < 2.0)
      rspec-support (~> 3.9.0)
    rspec-mocks (3.9.1)
      diff-lcs (>= 1.2.0, < 2.0)
      rspec-support (~> 3.9.0)
    rspec-support (3.9.3)
    sidekiq (6.1.3)
      connection_pool (>= 2.2.2)
      rack (~> 2.0)
      redis (>= 4.2.0)
    simplecov (0.19.0)
      docile (~> 1.1)
      simplecov-html (~> 0.11)
    simplecov-html (0.12.2)
    terminal-table (3.0.1)
      unicode-display_width (>= 1.1.1, < 3)
    unicode-display_width (2.0.0)
    vault (0.16.0)
      aws-sigv4
    xml-simple (1.1.8)

PLATFORMS
  ruby

DEPENDENCIES
  rspec (~> 3.0)
  simplecov (~> 0.19.0)
  vop!

BUNDLED WITH
   2.1.4
