PATH
  remote: .
  specs:
    vop (0.3.6)
      json (~> 2.3)
      net-scp
      net-ssh
      password_generator
      redis
      sidekiq (~> 6.1.2)
      terminal-table
      xml-simple

GEM
  remote: https://rubygems.org/
  specs:
    connection_pool (2.2.3)
    diff-lcs (1.4.4)
    docile (1.3.2)
    json (2.3.1)
    keyvalidatable (0.1.0)
    net-scp (3.0.0)
      net-ssh (>= 2.6.5, < 7.0.0)
    net-ssh (6.1.0)
    optionalargument (0.3)
      keyvalidatable
      validation (~> 0.1)
    password_generator (0.1.1)
      optionalargument (~> 0.3)
    rack (2.2.3)
    redis (4.2.2)
    rspec (3.9.0)
      rspec-core (~> 3.9.0)
      rspec-expectations (~> 3.9.0)
      rspec-mocks (~> 3.9.0)
    rspec-core (3.9.2)
      rspec-support (~> 3.9.3)
    rspec-expectations (3.9.2)
      diff-lcs (>= 1.2.0, < 2.0)
      rspec-support (~> 3.9.0)
    rspec-mocks (3.9.1)
      diff-lcs (>= 1.2.0, < 2.0)
      rspec-support (~> 3.9.0)
    rspec-support (3.9.3)
    sidekiq (6.1.2)
      connection_pool (>= 2.2.2)
      rack (~> 2.0)
      redis (>= 4.2.0)
    simplecov (0.19.0)
      docile (~> 1.1)
      simplecov-html (~> 0.11)
    simplecov-html (0.12.2)
    terminal-table (1.8.0)
      unicode-display_width (~> 1.1, >= 1.1.1)
    unicode-display_width (1.7.0)
    validation (0.1.0)
    xml-simple (1.1.5)

PLATFORMS
  ruby

DEPENDENCIES
  rspec (~> 3.0)
  simplecov (~> 0.19.0)
  vop!

BUNDLED WITH
   2.1.4
